GEM
  remote: https://rubygems.org/
  specs:
    colorize (0.7.7)
    git (1.2.9.1)

PLATFORMS
  ruby

DEPENDENCIES
  colorize
  git
